GEM
  remote: https://rubygems.org/
  specs:
    diff-lcs (1.3)
    facter (2.4.6)
    hiera (3.3.0)
    json_pure (2.0.1)
    metaclass (0.0.4)
    mocha (1.2.1)
      metaclass (~> 0.0.1)
    puppet (4.4.2)
      facter (> 2.0, < 4)
      hiera (>= 2.0, < 4)
      json_pure
    puppet-lint (2.1.1)
    puppet-syntax (2.3.0)
      rake
    puppetlabs_spec_helper (2.0.2)
      mocha (~> 1.0)
      puppet-lint (~> 2.0)
      puppet-syntax (~> 2.0)
      rspec-puppet (~> 2.0)
    rake (13.0.1)
    rspec (3.5.0)
      rspec-core (~> 3.5.0)
      rspec-expectations (~> 3.5.0)
      rspec-mocks (~> 3.5.0)
    rspec-core (3.5.4)
      rspec-support (~> 3.5.0)
    rspec-expectations (3.5.0)
      diff-lcs (>= 1.2.0, < 2.0)
      rspec-support (~> 3.5.0)
    rspec-mocks (3.5.0)
      diff-lcs (>= 1.2.0, < 2.0)
      rspec-support (~> 3.5.0)
    rspec-puppet (2.5.0)
      rspec
    rspec-support (3.5.0)

PLATFORMS
  ruby

DEPENDENCIES
  facter (>= 1.7.0)
  puppet (>= 3.3)
  puppet-lint (>= 0.3.2)
  puppetlabs_spec_helper (>= 0.1.0)

BUNDLED WITH
   1.14.5
